GEM
  remote: https://rubygems.org/
  specs:
    addressable (2.8.7)
      public_suffix (>= 2.0.2, < 7.0)
    archive-zip (0.12.0)
      io-like (~> 0.3.0)
    base64 (0.2.0)
    debug (1.9.1)
      irb (~> 1.10)
      reline (>= 0.3.8)
    domain_name (0.6.20240107)
    ffi (1.17.0)
    ffi (1.17.0-arm64-darwin)
    ffi-compiler (1.3.2)
      ffi (>= 1.15.5)
      rake
    http (5.2.0)
      addressable (~> 2.8)
      base64 (~> 0.1)
      http-cookie (~> 1.0)
      http-form_data (~> 2.2)
      llhttp-ffi (~> 0.5.0)
    http-cookie (1.0.6)
      domain_name (~> 0.5)
    http-form_data (2.3.0)
    io-console (0.7.1)
    io-like (0.3.1)
    irb (1.13.1)
      rdoc (>= 4.0.0)
      reline (>= 0.4.2)
    llhttp-ffi (0.5.0)
      ffi-compiler (~> 1.0)
      rake (~> 13.0)
    optimist (3.1.0)
    psych (5.1.2)
      stringio
    public_suffix (6.0.1)
    rake (13.2.1)
    rdoc (6.6.3.1)
      psych (>= 4.0.0)
    reline (0.5.7)
      io-console (~> 0.5)
    stringio (3.1.1)

PLATFORMS
  arm64-darwin-23
  ruby

DEPENDENCIES
  archive-zip
  debug
  http
  optimist

BUNDLED WITH
   2.5.11
